GEM
  remote: https://rubygems.org/
  specs:
    coderay (1.1.0)
    colorize (0.7.7)
    method_source (0.8.2)
    nephos (1.0.4)
      nephos-server (~> 0)
      nomorebeer (~> 1.1)
    nephos-server (0.6.8)
      colorize (~> 0.7)
      nomorebeer (~> 1.1)
      puma (~> 2.13)
      rack (~> 1.6)
    nomorebeer (1.1)
    pry (0.10.3)
      coderay (~> 1.1.0)
      method_source (~> 0.8.1)
      slop (~> 3.4)
    puma (2.14.0)
    rack (1.6.4)
    slop (3.6.0)

PLATFORMS
  ruby

DEPENDENCIES
  nephos
  pry

BUNDLED WITH
   1.10.6
