GEM
  remote: https://rubygems.org/
  specs:
    coderay (1.1.0)
    colorize (0.7.7)
    http (0.6.4)
      http_parser.rb (~> 0.6.0)
    http_parser.rb (0.6.0)
    method_source (0.8.2)
    nephos (1.0.4)
      nephos-server (~> 0)
      nomorebeer (~> 1.1)
    nephos-server (0.7.1)
      colorize (~> 0.7)
      nomorebeer (~> 1.1)
      rack (~> 1.6)
    nomorebeer (1.1)
    pry (0.10.3)
      coderay (~> 1.1.0)
      method_source (~> 0.8.1)
      slop (~> 3.4)
    puma (2.15.2)
    rack (1.6.4)
    slop (3.6.0)

PLATFORMS
  ruby

DEPENDENCIES
  colorize
  http
  nephos
  pry
  puma

BUNDLED WITH
   1.10.6
